GEM
  remote: http://rubygems.org/
  specs:
    activemodel (4.1.2)
      activesupport (= 4.1.2)
      builder (~> 3.1)
    activerecord (4.1.2)
      activemodel (= 4.1.2)
      activesupport (= 4.1.2)
      arel (~> 5.0.0)
    activerecord-jdbc-adapter (1.3.8)
      activerecord (>= 2.2)
    activerecord-jdbcsqlite3-adapter (1.3.8)
      activerecord-jdbc-adapter (~> 1.3.8)
      jdbc-sqlite3 (~> 3.7.2)
    activesupport (4.1.2)
      i18n (~> 0.6, >= 0.6.9)
      json (~> 1.7, >= 1.7.7)
      minitest (~> 5.1)
      thread_safe (~> 0.1)
      tzinfo (~> 1.1)
    arel (5.0.1.20140414130214)
    backports (3.6.0)
    builder (3.2.2)
    i18n (0.6.9)
    jdbc-sqlite3 (3.7.2.1)
    jruby-jars (1.7.13)
    jruby-poi (0.9.0)
    jruby-rack (1.1.14)
    json (1.8.1-java)
    minitest (5.3.5)
    multi_json (1.10.1)
    rack (1.5.2)
    rack-protection (1.5.3)
      rack
    rack-test (0.6.2)
      rack (>= 1.0)
    rake (10.3.2)
    rubyzip (1.0.0)
    sinatra (1.4.5)
      rack (~> 1.4)
      rack-protection (~> 1.4)
      tilt (~> 1.3, >= 1.3.4)
    sinatra-activerecord (2.0.2)
      activerecord (>= 3.2)
      sinatra (~> 1.0)
    sinatra-contrib (1.4.2)
      backports (>= 2.0)
      multi_json
      rack-protection
      rack-test
      sinatra (~> 1.4.0)
      tilt (~> 1.3)
    sinatra-reloader (1.0)
      sinatra-contrib
    thread_safe (0.3.4-java)
    tilt (1.4.1)
    tzinfo (1.2.1)
      thread_safe (~> 0.1)
    warbler (1.4.3)
      jruby-jars (>= 1.5.6, < 2.0)
      jruby-rack (>= 1.0.0)
      rake (>= 0.9.6)
      rubyzip (>= 0.9, < 1.1)

PLATFORMS
  java

DEPENDENCIES
  activerecord
  activerecord-jdbcsqlite3-adapter
  activesupport
  jruby-poi
  rake
  sinatra
  sinatra-activerecord
  sinatra-reloader
  warbler
