GEM
  remote: http://rubygems.org/
  specs:
    jruby-poi (0.9.0)

PLATFORMS
  java

DEPENDENCIES
  jruby-poi
